GEM
  remote: https://rubygems.org/
  specs:
    aws-eventstream (1.4.0)
    aws-partitions (1.1139.0)
    aws-sdk-core (3.228.0)
      aws-eventstream (~> 1, >= 1.3.0)
      aws-partitions (~> 1, >= 1.992.0)
      aws-sigv4 (~> 1.9)
      base64
      bigdecimal
      jmespath (~> 1, >= 1.6.1)
      logger
    aws-sdk-lambda (1.39.0)
      aws-sdk-core (~> 3, >= 3.71.0)
      aws-sigv4 (~> 1.1)
    aws-sdk-sqs (1.38.0)
      aws-sdk-core (~> 3, >= 3.112.0)
      aws-sigv4 (~> 1.1)
    aws-sigv4 (1.12.1)
      aws-eventstream (~> 1, >= 1.0.2)
    base64 (0.3.0)
    bigdecimal (3.2.2)
    jmespath (1.6.2)
    logger (1.7.0)
    minitest (5.25.5)

PLATFORMS
  ruby
  x86_64-linux

DEPENDENCIES
  aws-sdk-lambda (= 1.39.0)
  aws-sdk-sqs (= 1.38.0)
  minitest (~> 5.5)

RUBY VERSION
   ruby 3.3.8p144

BUNDLED WITH
   2.5.22
